GEM
  remote: https://rubygems.org/
  specs:
    aws-sdk-core (2.0.10)
      builder (~> 3.0)
      jmespath (~> 1.0)
      multi_json (~> 1.0)
      multi_xml (~> 0.5)
    backports (3.6.4)
    builder (3.2.2)
    httparty (0.13.1)
      json (~> 1.8)
      multi_xml (>= 0.5.2)
    jmespath (1.0.1)
      multi_json (~> 1.0)
    json (1.8.1)
    multi_json (1.10.1)
    multi_xml (0.5.5)
    rack (1.5.2)
    rack-protection (1.5.3)
      rack
    rack-test (0.6.2)
      rack (>= 1.0)
    sinatra (1.4.5)
      rack (~> 1.4)
      rack-protection (~> 1.4)
      tilt (~> 1.3, >= 1.3.4)
    sinatra-contrib (1.4.2)
      backports (>= 2.0)
      multi_json
      rack-protection
      rack-test
      sinatra (~> 1.4.0)
      tilt (~> 1.3)
    sinatra-reloader (1.0)
      sinatra-contrib
    tilt (1.4.1)

PLATFORMS
  ruby

DEPENDENCIES
  aws-sdk-core
  httparty
  sinatra
  sinatra-reloader
